GEM
  remote: https://rubygems.org/
  specs:
    addressable (2.8.5)
      public_suffix (>= 2.0.2, < 6.0)
    colorize (1.1.0)
    crass (1.0.6)
    css_parser (1.16.0)
      addressable
    domain_name (0.5.20190701)
      unf (>= 0.0.5, < 1.0.0)
    eyes_core (5.0.0)
      colorize
      eyes_universal (~> 3.6.0)
      faraday
      faraday-cookie_jar
      faraday_middleware
      oj
      sorted_set
      websocket
    eyes_selenium (5.0.0)
      crass
      css_parser
      eyes_core (= 5.0.0)
      selenium-webdriver (>= 3)
      state_machine
    eyes_universal (3.6.0)
    faraday (1.10.3)
      faraday-em_http (~> 1.0)
      faraday-em_synchrony (~> 1.0)
      faraday-excon (~> 1.1)
      faraday-httpclient (~> 1.0)
      faraday-multipart (~> 1.0)
      faraday-net_http (~> 1.0)
      faraday-net_http_persistent (~> 1.0)
      faraday-patron (~> 1.0)
      faraday-rack (~> 1.0)
      faraday-retry (~> 1.0)
      ruby2_keywords (>= 0.0.4)
    faraday-cookie_jar (0.0.7)
      faraday (>= 0.8.0)
      http-cookie (~> 1.0.0)
    faraday-em_http (1.0.0)
    faraday-em_synchrony (1.0.0)
    faraday-excon (1.1.0)
    faraday-httpclient (1.0.1)
    faraday-multipart (1.0.4)
      multipart-post (~> 2)
    faraday-net_http (1.0.1)
    faraday-net_http_persistent (1.2.0)
    faraday-patron (1.0.0)
    faraday-rack (1.0.0)
    faraday-retry (1.0.3)
    faraday_middleware (1.2.0)
      faraday (~> 1.0)
    http-cookie (1.0.5)
      domain_name (~> 0.5)
    multipart-post (2.3.0)
    oj (3.16.1)
    public_suffix (5.0.3)
    rbtree (0.4.6)
    rexml (3.2.6)
    ruby2_keywords (0.0.5)
    rubyzip (2.3.2)
    selenium-webdriver (4.14.0)
      rexml (~> 3.2, >= 3.2.5)
      rubyzip (>= 1.2.2, < 3.0)
      websocket (~> 1.0)
    set (1.0.3)
    sorted_set (1.0.3)
      rbtree
      set (~> 1.0)
    state_machine (1.2.0)
    unf (0.1.4)
      unf_ext
    unf_ext (0.0.8.2)
    websocket (1.2.10)

PLATFORMS
  ruby

DEPENDENCIES
  eyes_selenium (~> 5.0)

BUNDLED WITH
   2.4.21
